PATH
  remote: .
  specs:
    handle-system-rest (0.1.2)
      httparty (~> 0.21)

GEM
  remote: https://rubygems.org/
  specs:
    ast (2.4.2)
    diff-lcs (1.5.0)
    httparty (0.21.0)
      mini_mime (>= 1.0.0)
      multi_xml (>= 0.5.2)
    mini_mime (1.1.5)
    multi_xml (0.6.0)
    mustermann (2.0.2)
      ruby2_keywords (~> 0.0.1)
    parser (2.7.2.0)
      ast (~> 2.4.1)
    rack (2.2.13)
    rack-protection (2.2.4)
      rack
    rake (12.3.3)
    rspec (3.12.0)
      rspec-core (~> 3.12.0)
      rspec-expectations (~> 3.12.0)
      rspec-mocks (~> 3.12.0)
    rspec-core (3.12.2)
      rspec-support (~> 3.12.0)
    rspec-expectations (3.12.3)
      diff-lcs (>= 1.2.0, < 2.0)
      rspec-support (~> 3.12.0)
    rspec-mocks (3.12.6)
      diff-lcs (>= 1.2.0, < 2.0)
      rspec-support (~> 3.12.0)
    rspec-support (3.12.1)
    ruby2_keywords (0.0.5)
    sinatra (2.2.4)
      mustermann (~> 2.0)
      rack (~> 2.2)
      rack-protection (= 2.2.4)
      tilt (~> 2.0)
    solargraph (0.13.0)
      parser (~> 2.4)
      sinatra (~> 2)
      thor (~> 0.19, >= 0.19.4)
      yard (~> 0.9)
    thor (0.20.3)
    tilt (2.2.0)
    yard (0.9.36)

PLATFORMS
  ruby

DEPENDENCIES
  handle-system-rest!
  rake (~> 12.0)
  rspec (~> 3.0)
  solargraph

BUNDLED WITH
   2.3.8
